GEM
  remote: https://rubygems.org/
  specs:
    addressable (2.8.7)
      public_suffix (>= 2.0.2, < 7.0)
    asciidoctor (2.0.23)
    base64 (0.3.0)
    bigdecimal (3.2.1)
    builder (3.3.0)
    bump (0.10.0)
    colorator (1.1.0)
    concurrent-ruby (1.3.5)
    csv (3.3.5)
    date (3.4.1)
    domain_name (0.6.20240107)
    em-websocket (0.5.3)
      eventmachine (>= 0.12.9)
      http_parser.rb (~> 0)
    eventmachine (1.2.7)
    execjs (2.10.0)
    faraday (2.13.1)
      faraday-net_http (>= 2.0, < 3.5)
      json
      logger
    faraday-net_http (3.4.0)
      net-http (>= 0.5.0)
    ffi (1.17.2-x64-mingw-ucrt)
    forwardable-extended (2.6.0)
    google-protobuf (4.31.1-x64-mingw-ucrt)
      bigdecimal
      rake (>= 13)
    hashie (5.0.0)
    htmlbeautifier (1.4.3)
    http-accept (1.7.0)
    http-cookie (1.0.8)
      domain_name (~> 0.5)
    http_parser.rb (0.8.0)
    i18n (1.14.7)
      concurrent-ruby (~> 1.0)
    j1-paginator (2024.1.1)
      jekyll (>= 3.6, < 5.0)
    jekyll (4.3.3)
      addressable (~> 2.4)
      colorator (~> 1.0)
      em-websocket (~> 0.5)
      i18n (~> 1.0)
      jekyll-sass-converter (>= 2.0, < 4.0)
      jekyll-watch (~> 2.0)
      kramdown (~> 2.3, >= 2.3.1)
      kramdown-parser-gfm (~> 1.0)
      liquid (~> 4.0)
      mercenary (>= 0.3.6, < 0.5)
      pathutil (~> 0.9)
      rouge (>= 3.0, < 5.0)
      safe_yaml (~> 1.0)
      terminal-table (>= 1.8, < 4.0)
      webrick (~> 1.7)
    jekyll-asciidoc (3.0.1)
      asciidoctor (>= 1.5.0, < 3.0.0)
      jekyll (>= 3.0.0)
    jekyll-sass-converter (3.1.0)
      sass-embedded (~> 1.75)
    jekyll-watch (2.2.1)
      listen (~> 3.0)
    json (2.12.2)
    json-minify (0.0.3)
      json (> 0)
    jwt (2.10.1)
      base64
    kramdown (2.5.1)
      rexml (>= 3.3.9)
    kramdown-parser-gfm (1.1.0)
      kramdown (~> 2.0)
    liquid (4.0.4)
    listen (3.9.0)
      rb-fsevent (~> 0.10, >= 0.10.3)
      rb-inotify (~> 0.9, >= 0.9.10)
    log4r (1.1.10)
    logger (1.7.0)
    mercenary (0.4.0)
    mime-types (3.7.0)
      logger
      mime-types-data (~> 3.2025, >= 3.2025.0507)
    mime-types-data (3.2025.0603)
    multi_xml (0.7.2)
      bigdecimal (~> 3.1)
    mustermann (2.0.2)
      ruby2_keywords (~> 0.0.1)
    net-http (0.6.0)
      uri
    netrc (0.11.0)
    nio4r (2.7.4)
    nokogiri (1.18.8-x64-mingw-ucrt)
      racc (~> 1.4)
    nokogiri-pretty (0.1.0)
      nokogiri
    oauth2 (2.0.12)
      faraday (>= 0.17.3, < 4.0)
      jwt (>= 1.0, < 4.0)
      logger (~> 1.2)
      multi_xml (~> 0.5)
      rack (>= 1.2, < 4)
      snaky_hash (~> 2.0, >= 2.0.3)
      version_gem (>= 1.1.8, < 3)
    omniauth (1.9.2)
      hashie (>= 3.4.6)
      rack (>= 1.6.2, < 3)
    omniauth-oauth2 (1.7.3)
      oauth2 (>= 1.4, < 3)
      omniauth (>= 1.9, < 3)
    pathutil (0.16.2)
      forwardable-extended (~> 2.6)
    public_suffix (6.0.2)
    puma (6.6.0)
      nio4r (~> 2.0)
    racc (1.8.1)
    rack (2.2.17)
    rack-protection (2.2.4)
      rack
    rack-ssl-enforcer (0.2.9)
    rake (13.3.0)
    rb-fsevent (0.11.2)
    rb-inotify (0.11.1)
      ffi (~> 1.0)
    rest-client (2.1.0)
      http-accept (>= 1.7.0, < 2.0)
      http-cookie (>= 1.0.2, < 2.0)
      mime-types (>= 1.16, < 4.0)
      netrc (~> 0.8)
    rexml (3.4.1)
    rouge (4.5.2)
    ruby2_keywords (0.0.5)
    safe_yaml (1.0.5)
    sass-embedded (1.89.1-x64-mingw-ucrt)
      google-protobuf (~> 4.31)
    sassc (2.4.0)
      ffi (~> 1.9)
    sinatra (2.2.4)
      mustermann (~> 2.0)
      rack (~> 2.2)
      rack-protection (= 2.2.4)
      tilt (~> 2.0)
    snaky_hash (2.0.3)
      hashie (>= 0.1.0, < 6)
      version_gem (>= 1.1.8, < 3)
    terminal-table (3.0.2)
      unicode-display_width (>= 1.1.1, < 3)
    tilt (2.6.0)
    tzinfo (2.0.6)
      concurrent-ruby (~> 1.0)
    tzinfo-data (1.2025.2)
      tzinfo (>= 1.0.0)
    uglifier (4.2.1)
      execjs (>= 0.3.0, < 3)
    unicode-display_width (2.6.0)
    uri (1.0.3)
    version_gem (1.1.8)
    warden (1.2.9)
      rack (>= 2.0.9)
    wdm (0.2.0)
    webrick (1.9.1)

PLATFORMS
  x64-mingw-ucrt

DEPENDENCIES
  asciidoctor (~> 2.0)
  builder (~> 3.2)
  bump (~> 0.10)
  csv (~> 3.0)
  date (~> 3.0)
  execjs (~> 2.7)
  htmlbeautifier (>= 1.2.1)
  j1-paginator (>= 2024.1)
  jekyll (= 4.3.3)
  jekyll-asciidoc (>= 3.0)
  json-minify (~> 0.0.3)
  log4r (~> 1.1, >= 1.1.10)
  nokogiri (>= 1.10.3)
  nokogiri-pretty (>= 0.1.0)
  omniauth (~> 1.9)
  omniauth-oauth2 (~> 1.7)
  puma (>= 6.0)
  rack (~> 2.2, >= 2.2.3)
  rack-protection (~> 2.0)
  rack-ssl-enforcer (~> 0.2)
  rest-client (~> 2.0)
  rouge (~> 4.0)
  safe_yaml (~> 1.0, >= 1.0.5)
  sassc (~> 2.4)
  sinatra (~> 2.0)
  tzinfo (>= 1.2.2)
  tzinfo-data
  uglifier (~> 4.2)
  warden (~> 1.2)
  wdm (>= 0.1.1)
  webrick (~> 1.9)

BUNDLED WITH
   2.5.22
